GEM
  remote: https://rubygems.org/
  specs:
    pathological (0.3.0)

PLATFORMS
  ruby

DEPENDENCIES
  pathological
